GEM
  remote: https://rubygems.org/
  specs:
    aws-sdk (2.1.23)
      aws-sdk-resources (= 2.1.23)
    aws-sdk-core (2.1.23)
      jmespath (~> 1.0)
    aws-sdk-resources (2.1.23)
      aws-sdk-core (= 2.1.23)
    coderay (1.1.0)
    jmespath (1.1.3)
    method_source (0.8.2)
    pry (0.10.2)
      coderay (~> 1.1.0)
      method_source (~> 0.8.1)
      slop (~> 3.4)
    slop (3.6.0)

PLATFORMS
  ruby

DEPENDENCIES
  aws-sdk (>= 2.1.2)
  pry
